PATH
  remote: .
  specs:
    geocoder-izi-lookup (0.0.7)
      geocoder (> 1.3.0)

GEM
  remote: https://rubygems.org/
  specs:
    geocoder (1.6.3)

PLATFORMS
  ruby

DEPENDENCIES
  geocoder-izi-lookup!

BUNDLED WITH
   2.0.2
